STORAGE: NONE
RESTRICTION: == net8.0
NUGET
  remote: https://api.nuget.org/v3/index.json
    AspNetCore.HealthChecks.NpgSql (7.1)
      Microsoft.Extensions.Diagnostics.HealthChecks (>= 7.0.9)
      Npgsql (>= 7.0.6)
    Expecto (10.1)
      FSharp.Core (>= 7.0.200)
      Mono.Cecil (>= 0.11.4 < 1.0)
    Fable.Core (4.3)
    FSharp.Compiler.Service (43.8.100)
      FSharp.Core (8.0.100)
      System.Buffers (>= 4.5.1)
      System.Collections.Immutable (>= 7.0)
      System.Diagnostics.DiagnosticSource (>= 7.0.2)
      System.Memory (>= 4.5.5)
      System.Reflection.Emit (>= 4.7)
      System.Reflection.Metadata (>= 7.0)
      System.Runtime.CompilerServices.Unsafe (>= 6.0)
    FSharp.Control.AsyncSeq (3.2)
      FSharp.Core (>= 4.7.2)
      Microsoft.Bcl.AsyncInterfaces (>= 5.0)
    FSharp.Core (8.0.100)
    FSharp.SystemTextJson (1.2.42)
      FSharp.Core (>= 4.7)
      System.Text.Json (>= 6.0)
    FSharpPlus (1.5)
      FSharp.Core (>= 6.0.6)
    FSharpx.Async (1.14.1)
      FSharp.Control.AsyncSeq (>= 2.0.21)
      FSharp.Core (>= 4.6.2)
    FSharpx.Collections (3.0.1)
      FSharp.Core (>= 4.3.4)
    FSharpx.Extras (3.1)
      FSharp.Core (>= 4.6.2)
      FSharpx.Async (>= 1.14.1)
      FSharpx.Collections (>= 2.1.2)
      System.Reflection.Emit.Lightweight (>= 4.7)
    FsRegEx (0.7.2)
    Google.Api.CommonProtos (2.10)
      Google.Protobuf (>= 3.23 < 4.0)
    Google.Api.Gax (4.4)
      Microsoft.Bcl.AsyncInterfaces (>= 6.0)
      Newtonsoft.Json (>= 13.0.3)
    Google.Api.Gax.Grpc (4.4)
      Google.Api.CommonProtos (>= 2.10)
      Google.Api.Gax (>= 4.4)
      Google.Apis.Auth (>= 1.60 < 2.0)
      Grpc.Auth (>= 2.53 < 3.0)
      Grpc.Core.Api (>= 2.53 < 3.0)
      Grpc.Net.Client (>= 2.53 < 3.0)
      Microsoft.Extensions.DependencyInjection.Abstractions (>= 6.0)
    Google.Api.Gax.Rest (4.4)
      Google.Api.Gax (>= 4.4)
      Google.Apis.Auth (>= 1.60 < 2.0)
      Microsoft.Extensions.DependencyInjection.Abstractions (>= 6.0)
    Google.Apis (1.64)
      Google.Apis.Core (>= 1.64)
    Google.Apis.Auth (1.64)
      Google.Apis (>= 1.64)
      Google.Apis.Core (>= 1.64)
      System.Management (>= 7.0.2)
    Google.Apis.Core (1.64)
      Newtonsoft.Json (>= 13.0.3)
    Google.Apis.Storage.v1 (1.64.0.3222)
      Google.Apis (>= 1.64)
      Google.Apis.Auth (>= 1.64)
    Google.Cloud.Iam.V1 (3.0)
      Google.Api.Gax.Grpc (>= 4.0 < 5.0)
    Google.Cloud.PubSub.V1 (3.8)
      Google.Api.Gax.Grpc (>= 4.4 < 5.0)
      Google.Cloud.Iam.V1 (>= 3.0 < 4.0)
    Google.Cloud.Storage.V1 (4.7)
      Google.Api.Gax.Rest (>= 4.4 < 5.0)
      Google.Apis.Storage.v1 (>= 1.63.0.3206 < 2.0)
    Google.Protobuf (3.23.2)
    Grpc.Auth (2.53)
      Google.Apis.Auth (>= 1.46)
      Grpc.Core.Api (>= 2.53)
    Grpc.Core.Api (2.53)
      System.Memory (>= 4.5.3)
    Grpc.Net.Client (2.53)
      Grpc.Net.Common (>= 2.53)
      Microsoft.Extensions.Logging.Abstractions (>= 3.0.3)
    Grpc.Net.Common (2.53)
      Grpc.Core.Api (>= 2.53)
    Honeycomb.OpenTelemetry (1.3.1)
      Microsoft.Extensions.Configuration.CommandLine (>= 6.0)
      Microsoft.Extensions.Configuration.Json (>= 6.0)
      OpenTelemetry (>= 1.4)
      OpenTelemetry.Exporter.Console (>= 1.4)
      OpenTelemetry.Exporter.OpenTelemetryProtocol (>= 1.4)
      System.Text.Json (>= 6.0.6)
    LaunchDarkly.Cache (1.0.2)
    LaunchDarkly.CommonSdk (7.0)
      LaunchDarkly.Logging (>= 2.0)
      System.Collections.Immutable (>= 1.7.1)
    LaunchDarkly.EventSource (5.1)
      LaunchDarkly.Logging (>= 2.0 < 3.0)
    LaunchDarkly.InternalSdk (3.3.1)
      LaunchDarkly.CommonSdk (>= 7.0)
      LaunchDarkly.Logging (>= 2.0 < 3.0)
      System.Collections.Immutable (>= 1.7.1)
    LaunchDarkly.Logging (2.0)
      Microsoft.Extensions.Logging.Abstractions (>= 6.0)
    LaunchDarkly.ServerSdk (8.0)
      LaunchDarkly.Cache (>= 1.0.2)
      LaunchDarkly.CommonSdk (>= 6.2)
      LaunchDarkly.EventSource (>= 5.1)
      LaunchDarkly.InternalSdk (>= 3.3)
      LaunchDarkly.Logging (>= 2.0)
      System.Collections.Immutable (>= 1.7.1)
    Legivel (0.4.6)
      FSharp.Core (>= 4.6)
    libsodium (1.0.19)
    MessagePack (2.5.129)
      MessagePack.Annotations (>= 2.5.129)
      Microsoft.NET.StringTools (>= 17.6.3)
      System.Runtime.CompilerServices.Unsafe (>= 6.0)
    MessagePack.Annotations (2.5.129)
    MessagePack.FSharpExtensions (4.0)
      FSharp.Core (>= 7.0.200)
      MessagePack (>= 2.4.59)
    MessagePack.NodaTime (3.2.1)
      MessagePack (>= 2.5.129)
      Microsoft.CodeAnalysis.NetAnalyzers (>= 7.0.4)
      NodaTime (>= 3.1.9)
    Microsoft.AspNetCore.Authorization (8.0)
      Microsoft.AspNetCore.Metadata (>= 8.0)
      Microsoft.Extensions.Logging.Abstractions (>= 8.0)
      Microsoft.Extensions.Options (>= 8.0)
    Microsoft.AspNetCore.Components (8.0)
      Microsoft.AspNetCore.Authorization (>= 8.0)
      Microsoft.AspNetCore.Components.Analyzers (>= 8.0)
    Microsoft.AspNetCore.Components.Analyzers (8.0)
    Microsoft.AspNetCore.Components.Forms (8.0)
      Microsoft.AspNetCore.Components (>= 8.0)
    Microsoft.AspNetCore.Components.Web (8.0)
      Microsoft.AspNetCore.Components (>= 8.0)
      Microsoft.AspNetCore.Components.Forms (>= 8.0)
      Microsoft.Extensions.DependencyInjection (>= 8.0)
      Microsoft.Extensions.Primitives (>= 8.0)
      Microsoft.JSInterop (>= 8.0)
      System.IO.Pipelines (>= 8.0)
    Microsoft.AspNetCore.Components.WebAssembly (8.0)
      Microsoft.AspNetCore.Components.Web (>= 8.0)
      Microsoft.Extensions.Configuration.Binder (>= 8.0)
      Microsoft.Extensions.Configuration.Json (>= 8.0)
      Microsoft.Extensions.Logging (>= 8.0)
      Microsoft.JSInterop.WebAssembly (>= 8.0)
    Microsoft.AspNetCore.Metadata (8.0)
    Microsoft.Bcl.AsyncInterfaces (7.0)
    Microsoft.CodeAnalysis.NetAnalyzers (8.0)
    Microsoft.Extensions.Configuration (8.0)
      Microsoft.Extensions.Configuration.Abstractions (>= 8.0)
      Microsoft.Extensions.Primitives (>= 8.0)
    Microsoft.Extensions.Configuration.Abstractions (8.0)
      Microsoft.Extensions.Primitives (>= 8.0)
    Microsoft.Extensions.Configuration.Binder (8.0)
      Microsoft.Extensions.Configuration.Abstractions (>= 8.0)
    Microsoft.Extensions.Configuration.CommandLine (6.0)
      Microsoft.Extensions.Configuration (>= 6.0)
      Microsoft.Extensions.Configuration.Abstractions (>= 6.0)
    Microsoft.Extensions.Configuration.FileExtensions (8.0)
      Microsoft.Extensions.Configuration (>= 8.0)
      Microsoft.Extensions.Configuration.Abstractions (>= 8.0)
      Microsoft.Extensions.FileProviders.Abstractions (>= 8.0)
      Microsoft.Extensions.FileProviders.Physical (>= 8.0)
      Microsoft.Extensions.Primitives (>= 8.0)
    Microsoft.Extensions.Configuration.Json (8.0)
      Microsoft.Extensions.Configuration (>= 8.0)
      Microsoft.Extensions.Configuration.Abstractions (>= 8.0)
      Microsoft.Extensions.Configuration.FileExtensions (>= 8.0)
      Microsoft.Extensions.FileProviders.Abstractions (>= 8.0)
      System.Text.Json (>= 8.0)
    Microsoft.Extensions.DependencyInjection (8.0)
      Microsoft.Extensions.DependencyInjection.Abstractions (>= 8.0)
    Microsoft.Extensions.DependencyInjection.Abstractions (8.0)
    Microsoft.Extensions.Diagnostics.Abstractions (8.0)
      Microsoft.Extensions.DependencyInjection.Abstractions (>= 8.0)
      Microsoft.Extensions.Options (>= 8.0)
      System.Diagnostics.DiagnosticSource (>= 8.0)
    Microsoft.Extensions.Diagnostics.HealthChecks (8.0)
      Microsoft.Extensions.Diagnostics.HealthChecks.Abstractions (>= 8.0)
      Microsoft.Extensions.Hosting.Abstractions (>= 8.0)
      Microsoft.Extensions.Logging.Abstractions (>= 8.0)
      Microsoft.Extensions.Options (>= 8.0)
    Microsoft.Extensions.Diagnostics.HealthChecks.Abstractions (8.0)
    Microsoft.Extensions.FileProviders.Abstractions (8.0)
      Microsoft.Extensions.Primitives (>= 8.0)
    Microsoft.Extensions.FileProviders.Physical (8.0)
      Microsoft.Extensions.FileProviders.Abstractions (>= 8.0)
      Microsoft.Extensions.FileSystemGlobbing (>= 8.0)
      Microsoft.Extensions.Primitives (>= 8.0)
    Microsoft.Extensions.FileSystemGlobbing (8.0)
    Microsoft.Extensions.Hosting.Abstractions (8.0)
      Microsoft.Extensions.Configuration.Abstractions (>= 8.0)
      Microsoft.Extensions.DependencyInjection.Abstractions (>= 8.0)
      Microsoft.Extensions.Diagnostics.Abstractions (>= 8.0)
      Microsoft.Extensions.FileProviders.Abstractions (>= 8.0)
      Microsoft.Extensions.Logging.Abstractions (>= 8.0)
    Microsoft.Extensions.Logging (8.0)
      Microsoft.Extensions.DependencyInjection (>= 8.0)
      Microsoft.Extensions.Logging.Abstractions (>= 8.0)
      Microsoft.Extensions.Options (>= 8.0)
    Microsoft.Extensions.Logging.Abstractions (8.0)
      Microsoft.Extensions.DependencyInjection.Abstractions (>= 8.0)
    Microsoft.Extensions.Logging.Configuration (5.0)
      Microsoft.Extensions.Configuration (>= 5.0)
      Microsoft.Extensions.Configuration.Abstractions (>= 5.0)
      Microsoft.Extensions.Configuration.Binder (>= 5.0)
      Microsoft.Extensions.DependencyInjection.Abstractions (>= 5.0)
      Microsoft.Extensions.Logging (>= 5.0)
      Microsoft.Extensions.Logging.Abstractions (>= 5.0)
      Microsoft.Extensions.Options (>= 5.0)
      Microsoft.Extensions.Options.ConfigurationExtensions (>= 5.0)
    Microsoft.Extensions.Options (8.0)
      Microsoft.Extensions.DependencyInjection.Abstractions (>= 8.0)
      Microsoft.Extensions.Primitives (>= 8.0)
    Microsoft.Extensions.Options.ConfigurationExtensions (5.0)
      Microsoft.Extensions.Configuration.Abstractions (>= 5.0)
      Microsoft.Extensions.Configuration.Binder (>= 5.0)
      Microsoft.Extensions.DependencyInjection.Abstractions (>= 5.0)
      Microsoft.Extensions.Options (>= 5.0)
      Microsoft.Extensions.Primitives (>= 5.0)
    Microsoft.Extensions.Primitives (8.0)
    Microsoft.JSInterop (8.0)
    Microsoft.JSInterop.WebAssembly (8.0)
      Microsoft.JSInterop (>= 8.0)
    Microsoft.NET.StringTools (17.8.3)
    Mono.Cecil (0.11.4)
    NaCl.Net (0.1.13)
    Newtonsoft.Json (13.0.3)
    NodaTime (3.1.9)
      System.Runtime.CompilerServices.Unsafe (>= 4.7.1)
    NodaTime.Serialization.SystemTextJson (1.1.2)
      NodaTime (>= 3.0 < 4.0)
      System.Text.Json (>= 5.0.2)
    Npgsql (8.0.0-rc.2)
      Microsoft.Extensions.Logging.Abstractions (>= 8.0.0-rc.2.23479.6)
    Npgsql.FSharp (5.7)
      FSharp.Core (>= 6.0)
      Npgsql (>= 7.0.1)
    Npgsql.NodaTime (8.0.0-rc.2)
      NodaTime (>= 3.1.9)
      Npgsql (>= 8.0.0-rc.2)
    Npgsql.OpenTelemetry (8.0.0-rc.2)
      Npgsql (>= 8.0.0-rc.2)
      OpenTelemetry.Api (>= 1.6)
    NpgsqlYugabyteDB (8.0.0-yb-1-beta)
      Microsoft.Extensions.Logging.Abstractions (>= 6.0)
    NReco.Logging.File (1.1.7)
      Microsoft.Extensions.Logging (>= 2.0)
      Microsoft.Extensions.Logging.Configuration (>= 2.0)
      Microsoft.Extensions.Options.ConfigurationExtensions (>= 2.0)
    OpenTelemetry (1.6)
      Microsoft.Extensions.Logging.Configuration (>= 3.1)
      OpenTelemetry.Api.ProviderBuilderExtensions (>= 1.6)
    OpenTelemetry.Api (1.6)
      System.Diagnostics.DiagnosticSource (>= 7.0.2)
    OpenTelemetry.Api.ProviderBuilderExtensions (1.6)
      Microsoft.Extensions.DependencyInjection.Abstractions (>= 3.1)
      OpenTelemetry.Api (>= 1.6)
    OpenTelemetry.Exporter.Console (1.6)
      OpenTelemetry (>= 1.6)
      System.Text.Encodings.Web (>= 4.7.2)
      System.Text.Json (>= 4.7.2)
    OpenTelemetry.Exporter.OpenTelemetryProtocol (1.6)
      Google.Protobuf (>= 3.19.4 < 4.0)
      Grpc.Net.Client (>= 2.52 < 3.0)
      OpenTelemetry (>= 1.6)
    OpenTelemetry.Extensions.Hosting (1.6)
      Microsoft.Extensions.Hosting.Abstractions (>= 2.1)
      OpenTelemetry (>= 1.6)
    OpenTelemetry.Instrumentation.AspNetCore (1.6.0-beta.3)
      OpenTelemetry (>= 1.6)
    OpenTelemetry.Instrumentation.Http (1.6.0-beta.3)
      OpenTelemetry (>= 1.6)
    Ply (0.3.1)
      FSharp.Core (>= 4.6.2)
      System.Threading.Tasks.Extensions (>= 4.5.4)
    PusherServer (5.0)
      NaCl.Net (>= 0.1.13)
      Newtonsoft.Json (>= 13.0.2)
    Rollbar (5.2)
      Newtonsoft.Json (>= 13.0.1)
    Rollbar.AppSettings.Json (5.2)
      Microsoft.Extensions.Configuration (>= 2.2)
      Microsoft.Extensions.Configuration.Binder (>= 2.2.4)
      Microsoft.Extensions.Configuration.Json (>= 2.2)
      Microsoft.Extensions.Logging (>= 2.2)
      Rollbar (>= 5.2)
    Rollbar.NetCore.AspNet (5.2)
      Rollbar (>= 5.2)
      Rollbar.AppSettings.Json (>= 5.2)
      Rollbar.NetPlatformExtensions (>= 5.2)
    Rollbar.NetPlatformExtensions (5.2)
      Microsoft.Extensions.Logging (>= 3.1.3)
      Microsoft.Extensions.Logging.Abstractions (>= 3.1.3)
      Rollbar (>= 5.2)
      Rollbar.AppSettings.Json (>= 5.2)
      System.IO.Pipelines (>= 5.0.1)
    SimpleBase (4.0)
      System.Memory (>= 4.5.5)
    Sodium.Core (1.3.4)
      libsodium (>= 1.0.19)
    System.Buffers (4.5.1)
    System.CodeDom (8.0)
    System.Collections.Immutable (7.0)
    System.Diagnostics.DiagnosticSource (8.0)
    System.IO.Hashing (8.0)
    System.IO.Pipelines (8.0)
    System.Management (8.0)
      System.CodeDom (>= 8.0)
    System.Memory (4.5.5)
    System.Reflection.Emit (4.7)
    System.Reflection.Emit.Lightweight (4.7)
    System.Reflection.Metadata (7.0)
      System.Collections.Immutable (>= 7.0)
    System.Runtime.CompilerServices.Unsafe (6.0)
    System.Text.Encodings.Web (8.0)
    System.Text.Json (8.0)
      System.Text.Encodings.Web (>= 8.0)
    System.Threading.Tasks.Extensions (4.5.4)
    Thoth.Json (10.2)
      Fable.Core (>= 3.6.2)
      FSharp.Core (>= 4.7.2)
