STORAGE: NONE
RESTRICTION: == net7.0
NUGET
  remote: https://api.nuget.org/v3/index.json
    Argu (6.1.1)
      FSharp.Core (>= 4.3.2)
      System.Configuration.ConfigurationManager (>= 4.4)
    AspNetCore.HealthChecks.NpgSql (6.0.1)
      Microsoft.Extensions.Diagnostics.HealthChecks (>= 6.0)
      Npgsql (>= 6.0)
    Expecto (9.0.4)
      FSharp.Core (>= 4.6)
      Mono.Cecil (>= 0.11.3)
    Expecto.FsCheck (9.0.4)
      Expecto (>= 9.0.4)
      FsCheck (>= 2.14.3)
    Faithlife.Utility (0.12.2)
    FsCheck (2.16.4)
      FSharp.Core (>= 4.2.3)
    FSharp.Compiler.Service (43.7.200)
      FSharp.Core (7.0.200)
      System.Buffers (>= 4.5.1)
      System.Collections.Immutable (>= 6.0)
      System.Diagnostics.DiagnosticSource (>= 6.0)
      System.Memory (>= 4.5.5)
      System.Reflection.Emit (>= 4.7)
      System.Reflection.Metadata (>= 6.0)
      System.Runtime.CompilerServices.Unsafe (>= 6.0)
    FSharp.Control.AsyncSeq (3.2)
      FSharp.Core (>= 4.7.2)
      Microsoft.Bcl.AsyncInterfaces (>= 5.0)
    FSharp.Core (7.0.200)
    FSharp.SystemTextJson (0.17.4)
      FSharp.Core (>= 4.7)
      System.Text.Json (>= 4.6)
    FSharpPlus (1.4.1)
      FSharp.Core (>= 6.0.6)
    FSharpx.Async (1.14.1)
      FSharp.Control.AsyncSeq (>= 2.0.21)
      FSharp.Core (>= 4.6.2)
    FSharpx.Collections (3.0.1)
      FSharp.Core (>= 4.3.4)
    FSharpx.Extras (3.0)
      FSharp.Core (>= 4.6.2)
      FSharpx.Async (>= 1.14.1)
      FSharpx.Collections (>= 2.1.2)
      System.Reflection.Emit.Lightweight (>= 4.7)
    FsRegEx (0.7.2)
    Google.Api.CommonProtos (2.5)
      Google.Protobuf (>= 3.18 < 4.0)
    Google.Api.Gax (3.7)
      Microsoft.Bcl.AsyncInterfaces (>= 1.0)
      Newtonsoft.Json (>= 12.0.3)
    Google.Api.Gax.Grpc (3.7)
      Google.Api.CommonProtos (>= 2.5)
      Google.Api.Gax (>= 3.7)
      Google.Apis.Auth (>= 1.55 < 2.0)
      Grpc.Auth (>= 2.41 < 3.0)
      Grpc.Core.Api (>= 2.41 < 3.0)
    Google.Api.Gax.Grpc.GrpcCore (3.7)
      Google.Api.Gax.Grpc (>= 3.7)
      Grpc.Core (>= 2.41 < 3.0)
    Google.Api.Gax.Rest (3.7)
      Google.Api.Gax (>= 3.7)
      Google.Apis.Auth (>= 1.53 < 2.0)
    Google.Apis (1.57)
      Google.Apis.Core (>= 1.57)
    Google.Apis.Auth (1.57)
      Google.Apis (>= 1.57)
      Google.Apis.Core (>= 1.57)
    Google.Apis.Core (1.57)
      Newtonsoft.Json (>= 13.0.1)
    Google.Apis.Storage.v1 (1.57.0.2685)
      Google.Apis (>= 1.57)
      Google.Apis.Auth (>= 1.57)
    Google.Cloud.Iam.V1 (2.4)
      Google.Api.Gax.Grpc.GrpcCore (>= 3.7 < 4.0)
      Grpc.Core (>= 2.41 < 3.0)
    Google.Cloud.PubSub.V1 (2.9)
      Google.Api.Gax.Grpc.GrpcCore (>= 3.7 < 4.0)
      Google.Cloud.Iam.V1 (>= 2.3 < 3.0)
      Grpc.Core (>= 2.41 < 3.0)
    Google.Cloud.Storage.V1 (3.7)
      Google.Api.Gax.Rest (>= 3.6 < 4.0)
      Google.Apis.Storage.v1 (>= 1.55.0.2526 < 2.0)
    Google.Protobuf (3.22)
    Grpc.Auth (2.45)
      Google.Apis.Auth (>= 1.46)
      Grpc.Core.Api (>= 2.45)
    Grpc.Core (2.45)
      Grpc.Core.Api (>= 2.45)
      System.Memory (>= 4.5.3)
    Grpc.Core.Api (2.51)
      System.Memory (>= 4.5.3)
    Grpc.Net.Client (2.51)
      Grpc.Net.Common (>= 2.51)
      Microsoft.Extensions.Logging.Abstractions (>= 3.0.3)
    Grpc.Net.Common (2.51)
      Grpc.Core.Api (>= 2.51)
    Honeycomb.OpenTelemetry (1.2.1)
      Microsoft.Extensions.Configuration.CommandLine (>= 6.0)
      Microsoft.Extensions.Configuration.Json (>= 6.0)
      OpenTelemetry (>= 1.3.1)
      OpenTelemetry.Exporter.Console (>= 1.3.1)
      OpenTelemetry.Exporter.OpenTelemetryProtocol (>= 1.3.1)
      System.Text.Json (>= 6.0.6)
    LaunchDarkly.Cache (1.0.2)
    LaunchDarkly.CommonSdk (5.5)
      LaunchDarkly.JsonStream (>= 1.0.3 < 2.0)
      System.Collections.Immutable (>= 1.7.1)
    LaunchDarkly.EventSource (4.2)
      LaunchDarkly.Logging (>= 1.0.1 < 2.0)
    LaunchDarkly.InternalSdk (2.3.2)
      LaunchDarkly.CommonSdk (>= 5.5 < 6.0)
      LaunchDarkly.Logging (>= 1.0.1 < 2.0)
      System.Collections.Immutable (>= 1.7.1)
    LaunchDarkly.JsonStream (1.1)
    LaunchDarkly.Logging (1.0.1)
      Microsoft.Extensions.Logging.Abstractions (>= 3.1.9)
    LaunchDarkly.ServerSdk (6.3.2)
      LaunchDarkly.Cache (>= 1.0.2)
      LaunchDarkly.CommonSdk (>= 5.5)
      LaunchDarkly.EventSource (>= 4.1.3)
      LaunchDarkly.InternalSdk (>= 2.3.2)
      LaunchDarkly.JsonStream (>= 1.0.3)
      LaunchDarkly.Logging (>= 1.0.1)
      System.Collections.Immutable (>= 1.7.1)
    Legivel (0.4.6)
      FSharp.Core (>= 4.6)
    libsodium (1.0.18.1)
    MessagePack (2.4.59)
      MessagePack.Annotations (>= 2.4.59)
      Microsoft.NET.StringTools (>= 17.4)
    MessagePack.Annotations (2.4.59)
    MessagePack.FSharpExtensions (3.0)
      FSharp.Core (>= 5.0.1)
      MessagePack (>= 2.3.85)
    MessagePack.NodaTime (3.1)
      MessagePack (>= 2.4.59)
      NodaTime (>= 3.1.6)
    Microsoft.AspNetCore.Authorization (7.0.5)
      Microsoft.AspNetCore.Metadata (>= 7.0.5)
      Microsoft.Extensions.Logging.Abstractions (>= 7.0)
      Microsoft.Extensions.Options (>= 7.0.1)
    Microsoft.AspNetCore.Components (7.0.5)
      Microsoft.AspNetCore.Authorization (>= 7.0.5)
      Microsoft.AspNetCore.Components.Analyzers (>= 7.0.5)
    Microsoft.AspNetCore.Components.Analyzers (7.0.5)
    Microsoft.AspNetCore.Components.Forms (7.0.5)
      Microsoft.AspNetCore.Components (>= 7.0.5)
    Microsoft.AspNetCore.Components.Web (7.0.5)
      Microsoft.AspNetCore.Components (>= 7.0.5)
      Microsoft.AspNetCore.Components.Forms (>= 7.0.5)
      Microsoft.Extensions.DependencyInjection (>= 7.0)
      Microsoft.JSInterop (>= 7.0.5)
      System.IO.Pipelines (>= 7.0)
    Microsoft.AspNetCore.Components.WebAssembly (7.0.3)
      Microsoft.AspNetCore.Components.Web (>= 7.0.3)
      Microsoft.Extensions.Configuration.Binder (>= 7.0.3)
      Microsoft.Extensions.Configuration.Json (>= 7.0)
      Microsoft.Extensions.Logging (>= 7.0)
      Microsoft.JSInterop.WebAssembly (>= 7.0.3)
    Microsoft.AspNetCore.Components.WebAssembly.DevServer (7.0.5)
    Microsoft.AspNetCore.Metadata (7.0.5)
    Microsoft.Bcl.AsyncInterfaces (5.0)
    Microsoft.Extensions.Configuration (7.0)
      Microsoft.Extensions.Configuration.Abstractions (>= 7.0)
      Microsoft.Extensions.Primitives (>= 7.0)
    Microsoft.Extensions.Configuration.Abstractions (7.0)
      Microsoft.Extensions.Primitives (>= 7.0)
    Microsoft.Extensions.Configuration.Binder (7.0.4)
      Microsoft.Extensions.Configuration.Abstractions (>= 7.0)
    Microsoft.Extensions.Configuration.CommandLine (6.0)
      Microsoft.Extensions.Configuration (>= 6.0)
      Microsoft.Extensions.Configuration.Abstractions (>= 6.0)
    Microsoft.Extensions.Configuration.FileExtensions (7.0)
      Microsoft.Extensions.Configuration (>= 7.0)
      Microsoft.Extensions.Configuration.Abstractions (>= 7.0)
      Microsoft.Extensions.FileProviders.Abstractions (>= 7.0)
      Microsoft.Extensions.FileProviders.Physical (>= 7.0)
      Microsoft.Extensions.Primitives (>= 7.0)
    Microsoft.Extensions.Configuration.Json (7.0)
      Microsoft.Extensions.Configuration (>= 7.0)
      Microsoft.Extensions.Configuration.Abstractions (>= 7.0)
      Microsoft.Extensions.Configuration.FileExtensions (>= 7.0)
      Microsoft.Extensions.FileProviders.Abstractions (>= 7.0)
      System.Text.Json (>= 7.0)
    Microsoft.Extensions.DependencyInjection (7.0)
      Microsoft.Extensions.DependencyInjection.Abstractions (>= 7.0)
    Microsoft.Extensions.DependencyInjection.Abstractions (7.0)
    Microsoft.Extensions.Diagnostics.HealthChecks (6.0.1)
      Microsoft.Extensions.Diagnostics.HealthChecks.Abstractions (>= 6.0.1)
      Microsoft.Extensions.Hosting.Abstractions (>= 6.0)
      Microsoft.Extensions.Logging.Abstractions (>= 6.0)
      Microsoft.Extensions.Options (>= 6.0)
    Microsoft.Extensions.Diagnostics.HealthChecks.Abstractions (6.0.1)
    Microsoft.Extensions.FileProviders.Abstractions (7.0)
      Microsoft.Extensions.Primitives (>= 7.0)
    Microsoft.Extensions.FileProviders.Physical (7.0)
      Microsoft.Extensions.FileProviders.Abstractions (>= 7.0)
      Microsoft.Extensions.FileSystemGlobbing (>= 7.0)
      Microsoft.Extensions.Primitives (>= 7.0)
    Microsoft.Extensions.FileSystemGlobbing (7.0)
    Microsoft.Extensions.Hosting.Abstractions (6.0)
      Microsoft.Extensions.Configuration.Abstractions (>= 6.0)
      Microsoft.Extensions.DependencyInjection.Abstractions (>= 6.0)
      Microsoft.Extensions.FileProviders.Abstractions (>= 6.0)
    Microsoft.Extensions.Logging (7.0)
      Microsoft.Extensions.DependencyInjection (>= 7.0)
      Microsoft.Extensions.DependencyInjection.Abstractions (>= 7.0)
      Microsoft.Extensions.Logging.Abstractions (>= 7.0)
      Microsoft.Extensions.Options (>= 7.0)
    Microsoft.Extensions.Logging.Abstractions (7.0)
    Microsoft.Extensions.Logging.Configuration (5.0)
      Microsoft.Extensions.Configuration (>= 5.0)
      Microsoft.Extensions.Configuration.Abstractions (>= 5.0)
      Microsoft.Extensions.Configuration.Binder (>= 5.0)
      Microsoft.Extensions.DependencyInjection.Abstractions (>= 5.0)
      Microsoft.Extensions.Logging (>= 5.0)
      Microsoft.Extensions.Logging.Abstractions (>= 5.0)
      Microsoft.Extensions.Options (>= 5.0)
      Microsoft.Extensions.Options.ConfigurationExtensions (>= 5.0)
    Microsoft.Extensions.Options (7.0.1)
      Microsoft.Extensions.DependencyInjection.Abstractions (>= 7.0)
      Microsoft.Extensions.Primitives (>= 7.0)
    Microsoft.Extensions.Options.ConfigurationExtensions (5.0)
      Microsoft.Extensions.Configuration.Abstractions (>= 5.0)
      Microsoft.Extensions.Configuration.Binder (>= 5.0)
      Microsoft.Extensions.DependencyInjection.Abstractions (>= 5.0)
      Microsoft.Extensions.Options (>= 5.0)
      Microsoft.Extensions.Primitives (>= 5.0)
    Microsoft.Extensions.Primitives (7.0)
    Microsoft.JSInterop (7.0.5)
    Microsoft.JSInterop.WebAssembly (7.0.5)
      Microsoft.JSInterop (>= 7.0.5)
    Microsoft.NET.StringTools (17.4)
      System.Memory (>= 4.5.5)
      System.Runtime.CompilerServices.Unsafe (>= 6.0)
    Microsoft.NETCore.Platforms (5.0.4)
    Microsoft.Win32.SystemEvents (5.0)
      Microsoft.NETCore.Platforms (>= 5.0)
    Mono.Cecil (0.11.4)
    NaCl.Net (0.1.13)
    Newtonsoft.Json (13.0.1)
    NodaTime (3.1.6)
      System.Runtime.CompilerServices.Unsafe (>= 4.7.1)
    NodaTime.Serialization.SystemTextJson (1.0)
      NodaTime (>= 3.0 < 4.0)
      System.Text.Json (>= 4.7.1)
    Npgsql (6.0.9)
      System.Runtime.CompilerServices.Unsafe (>= 6.0)
    Npgsql.FSharp (5.5)
      FSharp.Core (>= 6.0)
      Npgsql (>= 6.0.5)
    Npgsql.NodaTime (6.0.9)
      NodaTime (>= 3.0.9)
      Npgsql (>= 6.0.9)
    Npgsql.OpenTelemetry (6.0.9)
      Npgsql (>= 6.0.9)
      OpenTelemetry.Api (>= 1.1)
    NReco.Logging.File (1.1.3)
      Microsoft.Extensions.Logging (>= 2.0)
      Microsoft.Extensions.Logging.Configuration (>= 2.0)
      Microsoft.Extensions.Options.ConfigurationExtensions (>= 2.0)
    OpenTelemetry (1.4)
      Microsoft.Extensions.Logging.Configuration (>= 3.1)
      OpenTelemetry.Api.ProviderBuilderExtensions (>= 1.4)
    OpenTelemetry.Api (1.4)
      System.Diagnostics.DiagnosticSource (>= 7.0)
    OpenTelemetry.Api.ProviderBuilderExtensions (1.4)
      Microsoft.Extensions.DependencyInjection.Abstractions (>= 3.1)
      OpenTelemetry.Api (>= 1.4)
    OpenTelemetry.Exporter.Console (1.4)
      OpenTelemetry (>= 1.4)
      System.Text.Json (>= 4.7.2)
    OpenTelemetry.Exporter.OpenTelemetryProtocol (1.4)
      Google.Protobuf (>= 3.19.4 < 4.0)
      Grpc.Net.Client (>= 2.43 < 3.0)
      OpenTelemetry (>= 1.4)
    OpenTelemetry.Extensions.Hosting (1.4)
      Microsoft.Extensions.Hosting.Abstractions (>= 2.1)
      OpenTelemetry (>= 1.4)
    OpenTelemetry.Instrumentation.AspNetCore (1.0.0-rc9.14)
      OpenTelemetry (>= 1.4)
    OpenTelemetry.Instrumentation.Http (1.0.0-rc9.14)
      OpenTelemetry (>= 1.4)
    Ply (0.3.1)
      FSharp.Core (>= 4.6.2)
      System.Threading.Tasks.Extensions (>= 4.5.4)
    PusherServer (4.6.1)
      NaCl.Net (>= 0.1.13)
      Newtonsoft.Json (>= 12.0.3)
    Rollbar (5.0.5-beta)
      Newtonsoft.Json (>= 13.0.1)
    Rollbar.AppSettings.Json (5.0.5-beta)
      Microsoft.Extensions.Configuration (>= 2.2)
      Microsoft.Extensions.Configuration.Binder (>= 2.2.4)
      Microsoft.Extensions.Configuration.Json (>= 2.2)
      Microsoft.Extensions.Logging (>= 2.2)
      Rollbar (>= 5.0.5-beta)
    Rollbar.NetCore.AspNet (5.0.5-beta)
      Rollbar (>= 5.0.5-beta)
      Rollbar.AppSettings.Json (>= 5.0.5-beta)
      Rollbar.NetPlatformExtensions (>= 5.0.5-beta)
    Rollbar.NetPlatformExtensions (5.0.5-beta)
      Microsoft.Extensions.Logging (>= 3.1.3)
      Microsoft.Extensions.Logging.Abstractions (>= 3.1.3)
      Rollbar (>= 5.0.5-beta)
      Rollbar.AppSettings.Json (>= 5.0.5-beta)
      System.IO.Pipelines (>= 5.0.1)
    SimpleBase (3.1)
      System.Memory (>= 4.5.4)
    Sodium.Core (1.2.3)
      libsodium (>= 1.0.18)
      System.ValueTuple (>= 4.5)
    SpawnDev.BlazorJS (2.1.13)
      Microsoft.AspNetCore.Components.WebAssembly (>= 7.0.3)
      Microsoft.AspNetCore.Components.WebAssembly.DevServer (>= 7.0.3)
    SpawnDev.BlazorJS.WebWorkers (2.1.13)
      Microsoft.AspNetCore.Components.WebAssembly (>= 7.0.3)
      Microsoft.AspNetCore.Components.WebAssembly.DevServer (>= 7.0.3)
      SpawnDev.BlazorJS (>= 2.1.13)
    System.Buffers (4.5.1)
    System.Collections.Immutable (7.0)
    System.Configuration.ConfigurationManager (5.0)
      System.Security.Cryptography.ProtectedData (>= 5.0)
      System.Security.Permissions (>= 5.0)
    System.Diagnostics.DiagnosticSource (7.0.1)
    System.Drawing.Common (5.0.2)
      Microsoft.Win32.SystemEvents (>= 5.0)
    System.IO.Hashing (6.0.2)
    System.IO.Pipelines (7.0)
    System.Memory (4.5.5)
    System.Reflection.Emit (4.7)
    System.Reflection.Emit.Lightweight (4.7)
    System.Reflection.Metadata (7.0)
      System.Collections.Immutable (>= 7.0)
    System.Runtime.CompilerServices.Unsafe (6.0)
    System.Security.AccessControl (5.0)
      Microsoft.NETCore.Platforms (>= 5.0)
      System.Security.Principal.Windows (>= 5.0)
    System.Security.Cryptography.ProtectedData (5.0)
    System.Security.Permissions (5.0)
      System.Security.AccessControl (>= 5.0)
      System.Windows.Extensions (>= 5.0)
    System.Security.Principal.Windows (5.0)
    System.Text.Encodings.Web (7.0)
    System.Text.Json (7.0.2)
      System.Text.Encodings.Web (>= 7.0)
    System.Threading.Tasks.Extensions (4.5.4)
    System.ValueTuple (4.5)
    System.Windows.Extensions (5.0)
      System.Drawing.Common (>= 5.0)
    Tablecloth.FSharp (0.0.8-alpha1)
      FSharp.Core (>= 6.0.1)
